GEM
  remote: https://rubygems.org/
  specs:
    blankslate (2.1.2.4)
    celluloid (0.16.0)
      timers (~> 4.0.0)
    chunky_png (1.3.2)
    classifier-reborn (2.0.1)
      fast-stemmer (~> 1.0)
    cmdparse (2.0.6)
    coderay (1.1.0)
    coffee-script (2.3.0)
      coffee-script-source
      execjs
    coffee-script-source (1.8.0)
    colorator (0.1)
    colored (1.2)
    compass (1.0.1)
      chunky_png (~> 1.2)
      compass-core (~> 1.0.1)
      compass-import-once (~> 1.0.5)
      rb-fsevent (>= 0.9.3)
      rb-inotify (>= 0.9)
      sass (>= 3.3.13, < 3.5)
    compass-core (1.0.1)
      multi_json (~> 1.0)
      sass (>= 3.3.0, < 3.5)
    compass-import-once (1.0.5)
      sass (>= 3.2, < 3.5)
    configure-s3-website (1.6.0)
      deep_merge (= 1.0.0)
    deep_merge (1.0.0)
    dotenv (0.11.1)
      dotenv-deployment (~> 0.0.2)
    dotenv-deployment (0.0.2)
    execjs (2.2.2)
    fast-stemmer (1.0.2)
    ffi (1.9.6)
    formatador (0.2.5)
    guard (2.6.1)
      formatador (>= 0.2.4)
      listen (~> 2.7)
      lumberjack (~> 1.0)
      pry (>= 0.9.12)
      thor (>= 0.18.1)
    guard-coffeescript (1.4.0)
      coffee-script (>= 2.2.0)
      guard (>= 1.1.0)
    guard-compass (1.1.0)
      compass (>= 0.10.5)
      guard (~> 2.0)
    guard-concat (0.0.3)
      guard (>= 1.1.0)
    guard-process (1.0.6)
      guard (>= 0.4.2)
      spoon (~> 0.0.1)
    guard-sass (1.5.0)
      guard (>= 1.1.0)
      sass (>= 3.1)
    guard-uglify (0.2.0)
      guard (>= 0.2.2)
      uglifier
    hitimes (1.2.2)
    jekyll (2.4.0)
      classifier-reborn (~> 2.0)
      colorator (~> 0.1)
      jekyll-coffeescript (~> 1.0)
      jekyll-gist (~> 1.0)
      jekyll-paginate (~> 1.0)
      jekyll-sass-converter (~> 1.0)
      jekyll-watch (~> 1.1)
      kramdown (~> 1.3)
      liquid (~> 2.6.1)
      mercenary (~> 0.3.3)
      pygments.rb (~> 0.6.0)
      redcarpet (~> 3.1)
      safe_yaml (~> 1.0)
      toml (~> 0.1.0)
    jekyll-coffeescript (1.0.1)
      coffee-script (~> 2.2)
    jekyll-gist (1.1.0)
    jekyll-paginate (1.1.0)
    jekyll-sass-converter (1.2.1)
      sass (~> 3.2)
    jekyll-watch (1.1.1)
      listen (~> 2.7)
    json (1.8.1)
    juicer (1.2.0)
      cmdparse
      nokogiri (>= 1.5.0)
      rubyzip (= 0.9.9)
    kramdown (1.4.2)
    libv8 (3.16.14.7)
    liquid (2.6.1)
    listen (2.7.11)
      celluloid (>= 0.15.2)
      rb-fsevent (>= 0.9.3)
      rb-inotify (>= 0.9)
    lumberjack (1.0.9)
    mercenary (0.3.4)
    method_source (0.8.2)
    mini_portile (0.6.0)
    multi_json (1.10.1)
    nokogiri (1.6.3.1)
      mini_portile (= 0.6.0)
    parslet (1.5.0)
      blankslate (~> 2.0)
    posix-spawn (0.3.9)
    pry (0.10.1)
      coderay (~> 1.1.0)
      method_source (~> 0.8.1)
      slop (~> 3.4)
    pygments.rb (0.6.0)
      posix-spawn (~> 0.3.6)
      yajl-ruby (~> 1.1.0)
    rake (10.3.2)
    rb-fsevent (0.9.4)
    rb-inotify (0.9.5)
      ffi (>= 0.5.0)
    redcarpet (3.2.0)
    ref (1.0.5)
    rubyzip (0.9.9)
    s3_website (2.5.1)
      colored (= 1.2)
      configure-s3-website (= 1.6.0)
      dotenv (~> 0.11.1)
      thor (= 0.18.1)
    safe_yaml (1.0.4)
    sass (3.4.6)
    slop (3.6.0)
    spoon (0.0.4)
      ffi
    therubyracer (0.12.1)
      libv8 (~> 3.16.14.0)
      ref
    thor (0.18.1)
    timers (4.0.1)
      hitimes
    toml (0.1.2)
      parslet (~> 1.5.0)
    uglifier (2.5.3)
      execjs (>= 0.3.0)
      json (>= 1.8.0)
    yajl-ruby (1.1.0)

PLATFORMS
  ruby

DEPENDENCIES
  coffee-script
  compass
  guard
  guard-coffeescript
  guard-compass
  guard-concat
  guard-process
  guard-sass
  guard-uglify
  jekyll
  juicer
  liquid
  rake
  rb-fsevent
  rb-inotify
  redcarpet
  s3_website
  sass
  therubyracer
  uglifier
